GEM
  remote: https://rubygems.org/
  specs:
    annoy (0.5.6)
      highline (>= 1.5.0)
    corefoundation (0.1.4)
      ffi
    crack (0.4.1)
      safe_yaml (~> 0.9.0)
    docile (1.1.0)
    drydock (0.6.9)
    ffi (1.9.0)
    hiera (1.2.1)
      json_pure
    highline (1.6.19)
    httparty (0.12.0)
      json (~> 1.8)
      multi_xml (>= 0.5.2)
    json (1.8.0)
    json_pure (1.8.0)
    linode (0.7.10)
      crack (>= 0.3.1)
      httparty
      httparty (>= 0.4.4)
      json
    multi_xml (0.5.5)
    net-scp (1.1.2)
      net-ssh (>= 2.6.5)
    net-ssh (2.7.0)
    ruby-keychain (0.1.1)
      corefoundation (~> 0.1.3)
      ffi
    rye (0.9.8)
      annoy
      docile (>= 1.0.1)
      highline (>= 1.5.1)
      net-scp (>= 1.0.2)
      net-ssh (>= 2.0.13)
      sysinfo (>= 0.7.3)
    safe_yaml (0.9.7)
    storable (0.8.9)
    sysinfo (0.8.0)
      drydock
      storable

PLATFORMS
  ruby

DEPENDENCIES
  hiera
  linode
  ruby-keychain
  rye
